PATH
  remote: ../superbot-capybara
  specs:
    superbot-capybara (1.0.2)
      capybara (= 3.12.0)
      cjsonci (= 0.2.0)
      superbot-selenium-webdriver (= 1.0.1)

PATH
  remote: .
  specs:
    superbot-local (0.1.4)
      superbot (~> 0.1.29)
      superbot-capybara (~> 1.0.2)

GEM
  remote: https://rubygems.org/
  specs:
    addressable (2.5.2)
      public_suffix (>= 2.0.2, < 4.0)
    archive-zip (0.11.0)
      io-like (~> 0.3.0)
    ast (2.4.0)
    capybara (3.12.0)
      addressable
      mini_mime (>= 0.1.3)
      nokogiri (~> 1.8)
      rack (>= 1.6.0)
      rack-test (>= 0.6.3)
      regexp_parser (~> 1.2)
      xpath (~> 3.2)
    childprocess (0.9.0)
      ffi (~> 1.0, >= 1.0.11)
    chromedriver-helper (2.1.0)
      archive-zip (~> 0.10)
      nokogiri (~> 1.8)
    cjsonci (0.2.0)
    clamp (1.2.1)
    diff-lcs (1.3)
    excon (0.62.0)
    ffi (1.9.25)
    io-like (0.3.0)
    jaro_winkler (1.5.1)
    kommando (0.1.2)
    launchy (2.4.3)
      addressable (~> 2.3)
    marcel (0.3.3)
      mimemagic (~> 0.3.2)
    mimemagic (0.3.2)
    mini_mime (1.0.1)
    mini_portile2 (2.3.0)
    multipart-post (2.0.0)
    mustermann (1.0.3)
    nokogiri (1.8.5)
      mini_portile2 (~> 2.3.0)
    parallel (1.12.1)
    parser (2.5.1.2)
      ast (~> 2.4.0)
    powerpack (0.1.2)
    public_suffix (3.0.3)
    rack (2.0.6)
    rack-protection (2.0.4)
      rack
    rack-test (1.1.0)
      rack (>= 1.0, < 3)
    rainbow (3.0.0)
    rake (10.5.0)
    regexp_parser (1.3.0)
    rspec (3.8.0)
      rspec-core (~> 3.8.0)
      rspec-expectations (~> 3.8.0)
      rspec-mocks (~> 3.8.0)
    rspec-core (3.8.0)
      rspec-support (~> 3.8.0)
    rspec-expectations (3.8.2)
      diff-lcs (>= 1.2.0, < 2.0)
      rspec-support (~> 3.8.0)
    rspec-mocks (3.8.0)
      diff-lcs (>= 1.2.0, < 2.0)
      rspec-support (~> 3.8.0)
    rspec-support (3.8.0)
    rubocop (0.59.2)
      jaro_winkler (~> 1.5.1)
      parallel (~> 1.10)
      parser (>= 2.5, != 2.5.1.1)
      powerpack (~> 0.1)
      rainbow (>= 2.2.2, < 4.0)
      ruby-progressbar (~> 1.7)
      unicode-display_width (~> 1.0, >= 1.0.1)
    ruby-progressbar (1.10.0)
    rubyzip (1.2.2)
    selenium-webdriver (3.141.0)
      childprocess (~> 0.5)
      rubyzip (~> 1.2, >= 1.2.2)
    sinatra (2.0.4)
      mustermann (~> 1.0)
      rack (~> 2.0)
      rack-protection (= 2.0.4)
      tilt (~> 2.0)
    sinatra-silent (0.0.1)
    superbot (0.1.29)
      clamp (= 1.2.1)
      kommando (~> 0.1)
      launchy (= 2.4.3)
      sinatra (= 2.0.4)
      sinatra-silent (= 0.0.1)
      superbot-cloud (~> 0.1.19)
      superbot-selenium-webdriver (~> 1.0.1)
      superbot-teleport (~> 0.2.2)
      zaru (= 0.2.0)
    superbot-cloud (0.1.19)
      marcel (= 0.3.3)
      multipart-post (= 2.0.0)
    superbot-selenium-webdriver (1.0.1)
      chromedriver-helper (= 2.1.0)
      selenium-webdriver (= 3.141.0)
    superbot-teleport (0.2.2)
      excon
    tilt (2.0.9)
    unicode-display_width (1.4.0)
    xpath (3.2.0)
      nokogiri (~> 1.8)
    zaru (0.2.0)

PLATFORMS
  ruby

DEPENDENCIES
  bundler (~> 1.16)
  rake (~> 10.0)
  rspec (~> 3.0)
  rubocop (~> 0.53)
  superbot-capybara!
  superbot-local!

BUNDLED WITH
   1.17.1
