PATH
  remote: .
  specs:
    superbot-local (0.1.0)
      clamp (= 1.2.1)
      superbot

GEM
  remote: https://rubygems.org/
  specs:
    addressable (2.5.2)
      public_suffix (>= 2.0.2, < 4.0)
    ast (2.4.0)
    clamp (1.2.1)
    diff-lcs (1.3)
    jaro_winkler (1.5.1)
    kommando (0.1.2)
    launchy (2.4.3)
      addressable (~> 2.3)
    mustermann (1.0.3)
    parallel (1.12.1)
    parser (2.5.1.2)
      ast (~> 2.4.0)
    powerpack (0.1.2)
    public_suffix (3.0.3)
    rack (2.0.5)
    rack-protection (2.0.3)
      rack
    rainbow (3.0.0)
    rake (10.5.0)
    rspec (3.8.0)
      rspec-core (~> 3.8.0)
      rspec-expectations (~> 3.8.0)
      rspec-mocks (~> 3.8.0)
    rspec-core (3.8.0)
      rspec-support (~> 3.8.0)
    rspec-expectations (3.8.1)
      diff-lcs (>= 1.2.0, < 2.0)
      rspec-support (~> 3.8.0)
    rspec-mocks (3.8.0)
      diff-lcs (>= 1.2.0, < 2.0)
      rspec-support (~> 3.8.0)
    rspec-support (3.8.0)
    rubocop (0.59.2)
      jaro_winkler (~> 1.5.1)
      parallel (~> 1.10)
      parser (>= 2.5, != 2.5.1.1)
      powerpack (~> 0.1)
      rainbow (>= 2.2.2, < 4.0)
      ruby-progressbar (~> 1.7)
      unicode-display_width (~> 1.0, >= 1.0.1)
    ruby-progressbar (1.10.0)
    sinatra (2.0.3)
      mustermann (~> 1.0)
      rack (~> 2.0)
      rack-protection (= 2.0.3)
      tilt (~> 2.0)
    sinatra-silent (0.0.1)
    superbot (0.1.1)
      clamp (= 1.2.1)
      launchy (= 2.4.3)
      sinatra (= 2.0.3)
      sinatra-silent (= 0.0.1)
      zaru (= 0.2.0)
    tilt (2.0.8)
    unicode-display_width (1.4.0)
    zaru (0.2.0)

PLATFORMS
  ruby

DEPENDENCIES
  bundler (~> 1.16)
  kommando (~> 0.1)
  rake (~> 10.0)
  rspec (~> 3.0)
  rubocop (~> 0.53)
  superbot-local!

BUNDLED WITH
   1.16.4
